PATH
  remote: .
  specs:
    tipping_gem (0.1.1)

GEM
  remote: https://rubygems.org/
  specs:
    rake (12.3.3)

PLATFORMS
  ruby

DEPENDENCIES
  rake (~> 12.0)
  tipping_gem!

BUNDLED WITH
   2.1.4
